GEM
  remote: https://rubygems.org/
  specs:
    realrand (2.0.1)

PLATFORMS
  ruby

DEPENDENCIES
  realrand
